GIT
  remote: git@github.com:newrelic-platform/newrelic_plugin.git
  revision: e5c20e1a333d6de16be1c690e5e5704bf7637ce8
  specs:
    newrelic_plugin (0.3.0)
      faraday (>= 0.8.1)
      json

PATH
  remote: .
  specs:
    newrelic_rackspace_plugin (0.0.1)
      fog
      newrelic_plugin

GEM
  remote: https://rubygems.org/
  specs:
    builder (3.2.2)
    excon (0.22.1)
    faraday (0.8.7)
      multipart-post (~> 1.1)
    fog (1.11.1)
      builder
      excon (~> 0.20)
      formatador (~> 0.2.0)
      json (~> 1.7)
      mime-types
      net-scp (~> 1.1)
      net-ssh (>= 2.1.3)
      nokogiri (~> 1.5.0)
      ruby-hmac
    formatador (0.2.4)
    json (1.8.0)
    mime-types (1.23)
    multipart-post (1.2.0)
    net-scp (1.1.1)
      net-ssh (>= 2.6.5)
    net-ssh (2.6.7)
    nokogiri (1.5.9)
    ruby-hmac (0.4.0)

PLATFORMS
  ruby

DEPENDENCIES
  newrelic_plugin!
  newrelic_rackspace_plugin!
