PATH
  remote: .
  specs:
    newrelic_rackspace_plugin (0.0.1)
      fog
      newrelic_plugin

PATH
  remote: ../newrelic_plugin
  specs:
    newrelic_plugin (0.2.11)
      faraday (>= 0.8.1)
      json

PATH
  remote: ../newrelic_rackspace_databases_plugin
  specs:
    newrelic_rackspace_databases_plugin (0.0.1)
      newrelic_rackspace_plugin

PATH
  remote: ../newrelic_rackspace_load_balancers_plugin
  specs:
    newrelic_rackspace_load_balancers_plugin (0.0.1)
      newrelic_rackspace_plugin

GEM
  remote: https://rubygems.org/
  specs:
    builder (3.2.0)
    excon (0.21.0)
    faraday (0.8.7)
      multipart-post (~> 1.1)
    fog (1.10.1)
      builder
      excon (~> 0.20)
      formatador (~> 0.2.0)
      mime-types
      multi_json (~> 1.0)
      net-scp (~> 1.1)
      net-ssh (>= 2.1.3)
      nokogiri (~> 1.5.0)
      ruby-hmac
    formatador (0.2.4)
    json (1.8.0)
    mime-types (1.23)
    multi_json (1.7.3)
    multipart-post (1.2.0)
    net-scp (1.1.1)
      net-ssh (>= 2.6.5)
    net-ssh (2.6.7)
    nokogiri (1.5.9)
    ruby-hmac (0.4.0)

PLATFORMS
  ruby

DEPENDENCIES
  newrelic_plugin!
  newrelic_rackspace_databases_plugin!
  newrelic_rackspace_load_balancers_plugin!
  newrelic_rackspace_plugin!
